PATH
  remote: .
  specs:
    guard-shopify (0.0.3)
      guard (>= 0.10.0)
      ptools (~> 1.2.1)
      shopify_api (~> 3.0.0)

GEM
  remote: http://rubygems.org/
  specs:
    activemodel (3.2.7)
      activesupport (= 3.2.7)
      builder (~> 3.0.0)
    activeresource (3.2.7)
      activemodel (= 3.2.7)
      activesupport (= 3.2.7)
    activesupport (3.2.7)
      i18n (~> 0.6)
      multi_json (~> 1.0)
    builder (3.0.0)
    diff-lcs (1.1.3)
    ffi (1.0.11)
    guard (0.10.0)
      ffi (>= 0.5.0)
      thor (~> 0.14.6)
    guard-rspec (0.6.0)
      guard (>= 0.10.0)
    i18n (0.6.0)
    multi_json (1.3.6)
    ptools (1.2.2)
    rspec (2.8.0)
      rspec-core (~> 2.8.0)
      rspec-expectations (~> 2.8.0)
      rspec-mocks (~> 2.8.0)
    rspec-core (2.8.0)
    rspec-expectations (2.8.0)
      diff-lcs (~> 1.1.2)
    rspec-mocks (2.8.0)
    shopify_api (3.0.1)
      activeresource (>= 3.0.0)
      thor (>= 0.14.4)
    thor (0.14.6)

PLATFORMS
  ruby

DEPENDENCIES
  guard-rspec (~> 0.6.0)
  guard-shopify!
  rspec (~> 2.8.0)
